GEM
  remote: https://rubygems.org/
  specs:
    coderay (1.1.2)
    eventmachine (1.2.7)
    method_source (0.9.2)
    nats (0.11.0)
      eventmachine (~> 1.2, >= 1.2)
    pry (0.12.2)
      coderay (~> 1.1.0)
      method_source (~> 0.9.0)

PLATFORMS
  ruby

DEPENDENCIES
  nats (~> 0.11.0)
  pry

BUNDLED WITH
   1.17.3
